PATH
  remote: .
  specs:
    step_definitions_viewer (0.0.1)
      terminal-display-colors (~> 0.0.2)
      thor (= 0.14.6)

GEM
  remote: http://rubygems.org/
  specs:
    diff-lcs (1.1.2)
    rspec (2.4.0)
      rspec-core (~> 2.4.0)
      rspec-expectations (~> 2.4.0)
      rspec-mocks (~> 2.4.0)
    rspec-core (2.4.0)
    rspec-expectations (2.4.0)
      diff-lcs (~> 1.1.2)
    rspec-mocks (2.4.0)
    terminal-display-colors (0.0.2)
    thor (0.14.6)

PLATFORMS
  ruby

DEPENDENCIES
  rspec (~> 2.4.0)
  step_definitions_viewer!
